GEM
  remote: https://rubygems.org/
  specs:
    chunky_png (1.3.8)
    glu (8.2.2-x64-mingw32)
    glut (8.2.2-x64-mingw32)
    opengl (0.9.2-x64-mingw32)

PLATFORMS
  x64-mingw32

DEPENDENCIES
  chunky_png
  glu
  glut
  opengl

BUNDLED WITH
   1.13.6
